GEM
  specs:
    bootsnap (1.4.4)
      msgpack (~> 1.0)
    msgpack (1.2.4)

PLATFORMS
  ruby

DEPENDENCIES
  bootsnap (= 1.4.4)

BUNDLED WITH
   1.17.3
